GIT
  remote: https://github.com/Xalgorithms/xa-rules.git
  revision: 3b3ebc83c72b9a3ff1d4c95aba9380d22c83a660
  specs:
    xa-rules (0.4.0)
      parslet

GEM
  remote: https://rubygems.org/
  specs:
    multi_json (1.13.1)
    parslet (1.8.2)

PLATFORMS
  ruby

DEPENDENCIES
  multi_json
  xa-rules!

RUBY VERSION
   ruby 2.4.2p198

BUNDLED WITH
   2.0.1
