GIT
  remote: https://github.com/Xalgorithms/xa-rules.git
  revision: 567c6ed957279f6ea6aa24a02033a96b63b97b58
  specs:
    xa-rules (0.4.0)
      parslet

GEM
  remote: https://rubygems.org/
  specs:
    multi_json (1.13.1)
    parslet (1.8.2)

PLATFORMS
  ruby

DEPENDENCIES
  multi_json
  xa-rules!

RUBY VERSION
   ruby 2.4.2p198

BUNDLED WITH
   2.0.1
