GIT
  remote: https://github.com/Xalgorithms/xa-rules.git
  revision: b1721c39296836dd70602b8f963482a1b6dc3e9b
  specs:
    xa-rules (0.4.0)
      parslet

GEM
  remote: https://rubygems.org/
  specs:
    multi_json (1.14.1)
    parslet (2.0.0)

PLATFORMS
  ruby

DEPENDENCIES
  multi_json
  xa-rules!

RUBY VERSION
   ruby 2.7.0p0

BUNDLED WITH
   2.1.4
