GIT
  remote: https://github.com/Xalgorithms/xa-rules.git
  revision: 1e820269c656faef2ad49c11a6cbf97b1a5168ff
  specs:
    xa-rules (0.4.0)
      parslet

GEM
  remote: https://rubygems.org/
  specs:
    multi_json (1.13.1)
    parslet (1.8.2)

PLATFORMS
  ruby

DEPENDENCIES
  multi_json
  xa-rules!

RUBY VERSION
   ruby 2.4.2p198

BUNDLED WITH
   1.16.1
