GIT
  remote: https://github.com/Xalgorithms/xa-rules.git
  revision: 91ffaaebd00f60b19889777bc180f9515948a886
  specs:
    xa-rules (0.4.0)
      parslet

GEM
  remote: https://rubygems.org/
  specs:
    multi_json (1.13.1)
    parslet (1.8.2)

PLATFORMS
  ruby

DEPENDENCIES
  multi_json
  xa-rules!

RUBY VERSION
   ruby 2.7.0p0

BUNDLED WITH
   2.1.4
